GEM
  remote: https://rubygems.org/
  specs:
    activesupport (5.0.0)
      concurrent-ruby (~> 1.0, >= 1.0.2)
      i18n (~> 0.7)
      minitest (~> 5.1)
      tzinfo (~> 1.1)
    concurrent-ruby (1.0.2)
    i18n (0.7.0)
    minitest (5.9.0)
    puma (3.4.0)
    rack (2.0.1)
    rack-ssl-enforcer (0.2.9)
    rack-tracker (1.1.0)
      activesupport (>= 3.0)
      rack (>= 1.4)
      tilt (>= 1.4)
    thread_safe (0.3.5)
    tilt (2.0.5)
    tzinfo (1.2.2)
      thread_safe (~> 0.1)

PLATFORMS
  ruby

DEPENDENCIES
  puma
  rack
  rack-ssl-enforcer
  rack-tracker

RUBY VERSION
   ruby 2.3.1p112

BUNDLED WITH
   1.12.5
